GEM
  remote: http://rubygems.org/
  specs:
    nokogiri (1.5.4)
    pg (0.13.2)
    ruby-ole (1.2.11.3)
    sequel (3.36.1)
    spreadsheet (0.7.2)
      ruby-ole (>= 1.0)

PLATFORMS
  ruby

DEPENDENCIES
  nokogiri
  pg
  sequel
  spreadsheet
