GEM
  remote: http://rubygems.org/
  specs:
    mini_portile2 (2.6.1)
    nokogiri (1.12.5)
      mini_portile2 (~> 2.6.1)
      racc (~> 1.4)
    pg (0.13.2)
    racc (1.5.2)
    ruby-ole (1.2.11.3)
    sequel (3.36.1)
    spreadsheet (0.7.2)
      ruby-ole (>= 1.0)

PLATFORMS
  ruby

DEPENDENCIES
  nokogiri
  pg
  sequel
  spreadsheet
