GEM
  remote: http://rubygems.org/
  specs:
    mini_portile2 (2.4.0)
    nokogiri (1.10.4)
      mini_portile2 (~> 2.4.0)
    pg (0.13.2)
    ruby-ole (1.2.11.3)
    sequel (3.36.1)
    spreadsheet (0.7.2)
      ruby-ole (>= 1.0)

PLATFORMS
  ruby

DEPENDENCIES
  nokogiri
  pg
  sequel
  spreadsheet
